GEM
  remote: https://rubygems.org/
  specs:
    inifile (3.0.0)
    oj (2.13.0)

PLATFORMS
  ruby

DEPENDENCIES
  inifile
  oj

BUNDLED WITH
   1.10.6
